PATH
  remote: .
  specs:
    sheetah (0.1.0)

GEM
  remote: https://rubygems.org/
  specs:

PLATFORMS
  x86_64-linux

DEPENDENCIES
  sheetah!

BUNDLED WITH
   2.3.12
